GIT
  remote: https://github.com/lewagon/middleman-deploy.git
  revision: 4f97af2034d6e7548a172d89a2a37fc263c6c987
  specs:
    middleman-deploy (2.0.0.pre.alpha)
      middleman-core (>= 3.2)
      net-sftp
      ptools

GEM
  remote: https://rubygems.org/
  specs:
    actionpack (5.2.4.3)
      actionview (= 5.2.4.3)
      activesupport (= 5.2.4.3)
      rack (~> 2.0, >= 2.0.8)
      rack-test (>= 0.6.3)
      rails-dom-testing (~> 2.0)
      rails-html-sanitizer (~> 1.0, >= 1.0.2)
    actionview (5.2.4.3)
      activesupport (= 5.2.4.3)
      builder (~> 3.1)
      erubi (~> 1.4)
      rails-dom-testing (~> 2.0)
      rails-html-sanitizer (~> 1.0, >= 1.0.3)
    activesupport (5.2.4.3)
      concurrent-ruby (~> 1.0, >= 1.0.2)
      i18n (>= 0.7, < 2)
      minitest (~> 5.1)
      tzinfo (~> 1.1)
    addressable (2.7.0)
      public_suffix (>= 2.0.2, < 5.0)
    autoprefixer-rails (9.7.6)
      execjs
    backports (3.17.2)
    builder (3.2.4)
    byebug (11.1.3)
    coderay (1.1.3)
    coffee-script (2.4.1)
      coffee-script-source
      execjs
    coffee-script-source (1.12.2)
    concurrent-ruby (1.1.6)
    contracts (0.13.0)
    crass (1.0.6)
    docile (1.3.2)
    dotenv (2.7.5)
    dotenv-rails (2.7.5)
      dotenv (= 2.7.5)
      railties (>= 3.2, < 6.1)
    em-websocket (0.5.1)
      eventmachine (>= 0.12.9)
      http_parser.rb (~> 0.6.0)
    erubi (1.9.0)
    erubis (2.7.0)
    eventmachine (1.2.7)
    execjs (2.7.0)
    fast_blank (1.0.0)
    fastimage (2.1.7)
    favicon_maker (1.3.1)
      docile (~> 1.1)
    ffi (1.13.0)
    haml (5.1.2)
      temple (>= 0.8.0)
      tilt
    hamster (3.0.0)
      concurrent-ruby (~> 1.0)
    hashie (3.6.0)
    htmlcompressor (0.2.0)
    http_parser.rb (0.6.0)
    i18n (0.9.5)
      concurrent-ruby (~> 1.0)
    kramdown (1.17.0)
    listen (3.0.8)
      rb-fsevent (~> 0.9, >= 0.9.4)
      rb-inotify (~> 0.9, >= 0.9.7)
    loofah (2.5.0)
      crass (~> 1.0.2)
      nokogiri (>= 1.5.9)
    memoist (0.16.2)
    method_source (1.0.0)
    middleman (4.3.7)
      coffee-script (~> 2.2)
      haml (>= 4.0.5)
      kramdown (~> 1.2)
      middleman-cli (= 4.3.7)
      middleman-core (= 4.3.7)
    middleman-autoprefixer (2.10.1)
      autoprefixer-rails (~> 9.1)
      middleman-core (>= 3.3.3)
    middleman-cli (4.3.7)
      thor (>= 0.17.0, < 2.0)
    middleman-core (4.3.7)
      activesupport (>= 4.2, < 6.0)
      addressable (~> 2.3)
      backports (~> 3.6)
      bundler
      contracts (~> 0.13.0)
      dotenv
      erubis
      execjs (~> 2.0)
      fast_blank
      fastimage (~> 2.0)
      hamster (~> 3.0)
      hashie (~> 3.4)
      i18n (~> 0.9.0)
      listen (~> 3.0.0)
      memoist (~> 0.14)
      padrino-helpers (~> 0.13.0)
      parallel
      rack (>= 1.4.5, < 3)
      sassc (~> 2.0)
      servolux
      tilt (~> 2.0.9)
      uglifier (~> 3.0)
    middleman-favicon-maker (4.1.0)
      favicon_maker (~> 1.3, >= 1.3.1)
      middleman-core (~> 4.0)
    middleman-livereload (3.4.6)
      em-websocket (~> 0.5.1)
      middleman-core (>= 3.3)
      rack-livereload (~> 0.3.15)
    middleman-minify-html (3.4.1)
      htmlcompressor (~> 0.2.0)
      middleman-core (>= 3.2)
    middleman-pry (1.0.2)
      middleman (>= 3.3, < 5)
      pry (~> 0.9)
    mini_portile2 (2.4.0)
    minitest (5.14.1)
    net-sftp (3.0.0)
      net-ssh (>= 5.0.0, < 7.0.0)
    net-ssh (6.0.2)
    nokogiri (1.10.9)
      mini_portile2 (~> 2.4.0)
    padrino-helpers (0.13.3.4)
      i18n (~> 0.6, >= 0.6.7)
      padrino-support (= 0.13.3.4)
      tilt (>= 1.4.1, < 3)
    padrino-support (0.13.3.4)
      activesupport (>= 3.1)
    parallel (1.19.1)
    pry (0.13.1)
      coderay (~> 1.1)
      method_source (~> 1.0)
    pry-byebug (3.9.0)
      byebug (~> 11.0)
      pry (~> 0.13.0)
    ptools (1.3.5)
    public_suffix (4.0.5)
    rack (2.2.2)
    rack-livereload (0.3.17)
      rack
    rack-test (1.1.0)
      rack (>= 1.0, < 3)
    rails-dom-testing (2.0.3)
      activesupport (>= 4.2.0)
      nokogiri (>= 1.6)
    rails-html-sanitizer (1.3.0)
      loofah (~> 2.3)
    railties (5.2.4.3)
      actionpack (= 5.2.4.3)
      activesupport (= 5.2.4.3)
      method_source
      rake (>= 0.8.7)
      thor (>= 0.19.0, < 2.0)
    rake (13.0.1)
    rb-fsevent (0.10.4)
    rb-inotify (0.10.1)
      ffi (~> 1.0)
    sass (3.7.4)
      sass-listen (~> 4.0.0)
    sass-listen (4.0.0)
      rb-fsevent (~> 0.9, >= 0.9.4)
      rb-inotify (~> 0.9, >= 0.9.7)
    sassc (2.4.0)
      ffi (~> 1.9)
    servolux (0.13.0)
    temple (0.8.2)
    thor (1.0.1)
    thread_safe (0.3.6)
    tilt (2.0.10)
    tzinfo (1.2.7)
      thread_safe (~> 0.1)
    uglifier (3.2.0)
      execjs (>= 0.3.0, < 3)

PLATFORMS
  ruby

DEPENDENCIES
  actionview (>= 5.0.7.2)
  dotenv-rails (>= 2.7.2)
  middleman (~> 4.3)
  middleman-autoprefixer (~> 2.7)
  middleman-deploy!
  middleman-favicon-maker
  middleman-livereload
  middleman-minify-html
  middleman-pry
  pry-byebug
  sass

BUNDLED WITH
   2.1.4
